GIT
  remote: https://github.com/mislav/will_paginate.git
  revision: 7a45eab080ff0da7917ac4f6e76cfb2db29d90b1
  ref: 7a45eab080ff0da7917ac4f6e76cfb2db29d90b1
  specs:
    will_paginate (3.0.4)

GEM
  remote: https://rubygems.org/
  specs:
    activemodel (3.2.13)
      activesupport (= 3.2.13)
      builder (~> 3.0.0)
    activesupport (3.2.13)
      i18n (= 0.6.1)
      multi_json (~> 1.0)
    awesome_print (1.1.0)
    builder (3.0.4)
    coderay (1.0.9)
    daemons (1.1.9)
    eventmachine (1.0.3)
    faker (1.1.2)
      i18n (~> 0.5)
    ffi (1.2.1)
    guard (1.5.4)
      listen (>= 0.4.2)
      lumberjack (>= 1.0.2)
      pry (>= 0.9.10)
      thor (>= 0.14.6)
    guard-shotgun (0.2.0)
      ffi (~> 1.2.0)
      guard (~> 1.5.4)
      spoon (~> 0.0.1)
    haml (4.0.2)
      tilt
    i18n (0.6.1)
    listen (0.7.3)
    lumberjack (1.0.3)
    method_source (0.8.1)
    mongoid (3.1.3)
      activemodel (~> 3.2)
      moped (~> 1.4.2)
      origin (~> 1.0)
      tzinfo (~> 0.3.22)
    moped (1.4.5)
    multi_json (1.7.2)
    nokogiri (1.5.9)
    nori (2.0.4)
    origin (1.0.11)
    pry (0.9.12)
      coderay (~> 1.0.5)
      method_source (~> 0.8)
      slop (~> 3.4)
    puma (1.6.3)
      rack (~> 1.2)
    rack (1.5.2)
    rack-protection (1.5.0)
      rack
    rb-fsevent (0.9.3)
    sinatra (1.4.2)
      rack (~> 1.5, >= 1.5.2)
      rack-protection (~> 1.4)
      tilt (~> 1.3, >= 1.3.4)
    sinatra-twitter-bootstrap (2.3.1.1)
    slop (3.4.4)
    spoon (0.0.3)
      ffi
    thin (1.5.1)
      daemons (>= 1.0.9)
      eventmachine (>= 0.12.6)
      rack (>= 1.0.0)
    thor (0.18.1)
    tilt (1.3.7)
    tzinfo (0.3.37)
    will_paginate-bootstrap (0.2.3)
      will_paginate (>= 3.0.3)

PLATFORMS
  ruby

DEPENDENCIES
  activesupport
  awesome_print
  faker
  guard
  guard-shotgun
  haml
  mongoid (~> 3.1.0)
  nokogiri
  nori
  pry
  puma
  rb-fsevent
  sinatra
  sinatra-twitter-bootstrap
  thin
  thor
  will_paginate!
  will_paginate-bootstrap
