GEM
  remote: https://rubygems.org/
  specs:
    awesome_print (1.1.0)
    bson (1.8.5)
    bson_ext (1.8.5)
      bson (~> 1.8.5)
    coderay (1.0.9)
    method_source (0.8.1)
    mongo (1.8.5)
      bson (~> 1.8.5)
    nokogiri (1.5.9)
    nori (2.0.4)
    pry (0.9.12)
      coderay (~> 1.0.5)
      method_source (~> 0.8)
      slop (~> 3.4)
    rack (1.5.2)
    rack-protection (1.5.0)
      rack
    sinatra (1.4.2)
      rack (~> 1.5, >= 1.5.2)
      rack-protection (~> 1.4)
      tilt (~> 1.3, >= 1.3.4)
    slop (3.4.4)
    thor (0.18.1)
    tilt (1.3.7)

PLATFORMS
  ruby

DEPENDENCIES
  awesome_print
  bson_ext
  mongo
  nokogiri
  nori
  pry
  sinatra
  thor
